PATH
  remote: .
  specs:
    class_names (0.1.1)

GEM
  remote: https://rubygems.org/
  specs:
    minitest (5.8.5)
    rake (13.0.1)

PLATFORMS
  ruby

DEPENDENCIES
  bundler (~> 2.0)
  class_names!
  minitest (~> 5.0)
  rake (~> 13.0)

BUNDLED WITH
   2.0.2
