PATH
  remote: .
  specs:
    class_names (0.1.0)

GEM
  remote: https://rubygems.org/
  specs:
    minitest (5.8.5)
    rake (10.5.0)

PLATFORMS
  ruby

DEPENDENCIES
  bundler (~> 2.0)
  class_names!
  minitest (~> 5.0)
  rake (~> 10.0)

BUNDLED WITH
   2.0.2
