PATH
  remote: .
  specs:
    class_names (0.1.2)

GEM
  remote: https://rubygems.org/
  specs:
    minitest (5.14.0)
    rake (13.0.1)

PLATFORMS
  ruby

DEPENDENCIES
  bundler (~> 2.0)
  class_names!
  minitest
  rake

BUNDLED WITH
   2.1.4
